GIT
  remote: git://github.com/ovaskevich/htmlcompressor.git
  revision: 8bd2b0e29c5bd0981e2c242848a69abe15d074bc
  specs:
    htmlcompressor (0.0.7)
      yuicompressor (~> 1.2.1)

GIT
  remote: git://github.com/ovaskevich/s3sync.git
  revision: 1e2df17943a91c3426d277e40e55ec906d68c4a4
  specs:
    ovaskevich-s3sync (1.3.11)

GEM
  remote: https://rubygems.org/
  specs:
    adsf (1.2.0)
      rack (>= 1.0.0)
    animation (0.1.alpha.3)
      compass (>= 0.12.0)
      sass (>= 3.2.0.alpha.95)
    chunky_png (1.2.9)
    closure-compiler (1.1.10)
    colored (1.2)
    compass (0.12.2)
      chunky_png (~> 1.2)
      fssm (>= 0.2.7)
      sass (~> 3.1)
    cri (2.4.1)
      colored (>= 1.2)
    domain_name (0.5.15)
      unf (>= 0.0.5, < 1.0.0)
    fssm (0.2.10)
    haml (4.0.7)
      tilt
    haml-contrib (1.0.0.1)
      haml (>= 3.2.0.alpha.13)
    http-cookie (1.0.2)
      domain_name (~> 0.5)
    kramdown (1.9.0)
    kramdown-haml (0.0.3)
      haml
    mechanize (2.7.3)
      domain_name (~> 0.5, >= 0.5.1)
      http-cookie (~> 1.0)
      mime-types (~> 2.0)
      net-http-digest_auth (~> 1.1, >= 1.1.1)
      net-http-persistent (~> 2.5, >= 2.5.2)
      nokogiri (~> 1.4)
      ntlm-http (~> 0.1, >= 0.1.1)
      webrobots (>= 0.0.9, < 0.2)
    mime-types (2.0)
    mini_portile (0.5.2)
    nanoc (3.6.7)
      cri (~> 2.3)
    nanoc-gzip-filter (0.0.1)
      nanoc (>= 3.4.0)
    net-http-digest_auth (1.4)
    net-http-persistent (2.9)
    nokogiri (1.6.1)
      mini_portile (~> 0.5.0)
    nokogiri (1.6.1-x86-mingw32)
      mini_portile (~> 0.5.0)
    ntlm-http (0.1.1)
    rack (1.5.2)
    sass (3.2.13)
    systemu (2.6.0)
    tilt (2.0.1)
    unf (0.1.3)
      unf_ext
    unf_ext (0.0.6)
    unf_ext (0.0.6-x86-mingw32)
    webrobots (0.1.1)
    win32-open3-19 (0.0.2)
    yuicompressor (1.2.1)

PLATFORMS
  ruby
  x86-mingw32

DEPENDENCIES
  adsf
  animation (~> 0.1.alpha.0)
  closure-compiler
  compass
  haml
  haml-contrib
  htmlcompressor (~> 0.0.7)!
  kramdown
  kramdown-haml
  mechanize
  nanoc
  nanoc-gzip-filter
  ovaskevich-s3sync (~> 1.3.11)!
  sass
  systemu
  win32-open3-19
  yuicompressor (~> 1.2.1)
