GIT
  remote: git://github.com/ovaskevich/htmlcompressor.git
  revision: 8bd2b0e29c5bd0981e2c242848a69abe15d074bc
  specs:
    htmlcompressor (0.0.7)
      yuicompressor (~> 1.2.1)

GIT
  remote: git://github.com/ovaskevich/s3sync.git
  revision: 7543b048423e664517a603905a6aa1eb39c637cd
  specs:
    ovaskevich-s3sync (1.3.8)

GEM
  remote: https://rubygems.org/
  specs:
    adsf (1.2.0)
      rack (>= 1.0.0)
    colored (1.2)
    cri (2.4.1)
      colored (>= 1.2)
    haml (4.1.0.alpha.2)
      tilt
    haml-contrib (1.0.0.1)
      haml (>= 3.2.0.alpha.13)
    maruku (0.7.0)
    nanoc (3.6.7)
      cri (~> 2.3)
    nanoc-gzip-filter (0.0.1)
      nanoc (>= 3.4.0)
    rack (1.5.2)
    systemu (2.6.0)
    tilt (2.0.0)
    win32-open3-19 (0.0.2)
    yuicompressor (1.2.1)

PLATFORMS
  ruby
  x86-mingw32

DEPENDENCIES
  adsf
  haml
  haml-contrib
  htmlcompressor (~> 0.0.7)!
  maruku
  nanoc
  nanoc-gzip-filter
  ovaskevich-s3sync (~> 1.3.8)!
  systemu
  win32-open3-19
  yuicompressor (~> 1.2.1)
