GEM
  remote: https://rubygems.org/
  specs:
    adsf (1.2.0)
      rack (>= 1.0.0)
    aproxacs-s3sync (1.3.6)
    colored (1.2)
    cri (2.4.1)
      colored (>= 1.2)
    nanoc (3.6.7)
      cri (~> 2.3)
    rack (1.4.5)
    systemu (2.6.0)

PLATFORMS
  ruby

DEPENDENCIES
  adsf
  aproxacs-s3sync
  nanoc
  systemu
